GEM
  remote: https://rubygems.org/
  specs:
    childprocess (0.6.1)
      ffi (~> 1.0, >= 1.0.11)
    ffi (1.9.17-x64-mingw32)
    rubyzip (1.2.1)
    selenium-webdriver (3.1.0)
      childprocess (~> 0.5)
      rubyzip (~> 1.0)
      websocket (~> 1.0)
    websocket (1.2.4)
    win32-sound (0.6.0)
      ffi

PLATFORMS
  x64-mingw32

DEPENDENCIES
  selenium-webdriver
  win32-sound

BUNDLED WITH
   1.11.2
